GEM
  remote: https://rubygems.org/
  specs:
    htmlentities (4.3.4)
    nokogiri (1.16.2-aarch64-linux)
      racc (~> 1.4)
    observer (0.1.2)
    pkg-config (1.5.6)
    racc (1.7.3)
    rmagick (5.4.4)
      observer (~> 0.1)
      pkg-config (~> 1.4)

PLATFORMS
  aarch64-linux

DEPENDENCIES
  htmlentities (~> 4.3, >= 4.3.4)
  nokogiri (~> 1.16)
  rmagick (~> 5.4)

BUNDLED WITH
   2.3.15
