GEM
  remote: https://rubygems.org/
  specs:
    htmlentities (4.3.4)
    mini_portile2 (2.8.1)
    nokogiri (1.14.3)
      mini_portile2 (~> 2.8.0)
      racc (~> 1.4)
    pkg-config (1.5.6)
    racc (1.6.2)
    rmagick (5.3.0)
      pkg-config (~> 1.4)

PLATFORMS
  ruby

DEPENDENCIES
  htmlentities (~> 4.3, >= 4.3.4)
  nokogiri (~> 1.14)
  rmagick (~> 5.3)

BUNDLED WITH
   1.16.2
